GEM
  remote: http://rubygems.org/
  specs:
    activesupport (5.0.0.1)
      concurrent-ruby (~> 1.0, >= 1.0.2)
      i18n (~> 0.7)
      minitest (~> 5.1)
      tzinfo (~> 1.1)
    colored (1.2)
    concurrent-ruby (1.0.2)
    i18n (0.7.0)
    mini_portile2 (2.1.0)
    minitest (5.9.1)
    nokogiri (1.6.8)
      mini_portile2 (~> 2.1.0)
      pkg-config (~> 1.1.7)
    pdfkit (0.8.2)
    pkg-config (1.1.7)
    thread_safe (0.3.5)
    tzinfo (1.2.2)
      thread_safe (~> 0.1)
    wkhtmltopdf-binary (0.12.3)

PLATFORMS
  ruby

DEPENDENCIES
  activesupport
  colored
  nokogiri
  pdfkit
  wkhtmltopdf-binary

BUNDLED WITH
   1.12.5
